GEM
  remote: https://rubygems.org/
  specs:
    bigdecimal (3.1.9)
    csv (3.3.2)
    date (3.4.1)
    debug (1.10.0)
      irb (~> 1.10)
      reline (>= 0.3.8)
    dotenv (3.1.7)
    httparty (0.22.0)
      csv
      mini_mime (>= 1.0.0)
      multi_xml (>= 0.5.2)
    io-console (0.8.0)
    irb (1.14.3)
      rdoc (>= 4.0.0)
      reline (>= 0.4.2)
    mini_mime (1.1.5)
    multi_xml (0.7.1)
      bigdecimal (~> 3.1)
    psych (5.2.2)
      date
      stringio
    rdoc (6.10.0)
      psych (>= 4.0.0)
    reline (0.6.0)
      io-console (~> 0.5)
    stringio (3.1.2)

PLATFORMS
  ruby
  x86_64-linux

DEPENDENCIES
  debug (~> 1.10)
  dotenv (~> 3.1)
  httparty (~> 0.22.0)

BUNDLED WITH
   2.6.2
